GEM
  remote: https://rubygems.org/
  specs:
    mustermann (3.0.0)
      ruby2_keywords (~> 0.0.1)
    rack (2.2.8)
    rack-protection (3.1.0)
      rack (~> 2.2, >= 2.2.4)
    ruby2_keywords (0.0.5)
    sinatra (3.1.0)
      mustermann (~> 3.0)
      rack (~> 2.2, >= 2.2.4)
      rack-protection (= 3.1.0)
      tilt (~> 2.0)
    sqlite3 (1.6.7-x64-mingw-ucrt)
    tilt (2.3.0)

PLATFORMS
  x64-mingw-ucrt

DEPENDENCIES
  sinatra
  sqlite3

BUNDLED WITH
   2.4.10
